GEM
  remote: https://rubygems.org/
  specs:
    chunky_png (1.3.0)
    compass (1.0.0.alpha.18)
      chunky_png (~> 1.2)
      compass-core (~> 1.0.0.alpha.17)
      compass-import-once (~> 1.0.2)
      json
      listen (~> 1.1.0)
      sass (~> 3.3.0.rc.3)
    compass-core (1.0.0.alpha.17)
      multi_json (~> 1.0)
      sass (>= 3.3.rc.3)
    compass-import-once (1.0.2)
    crowdin-api (0.2.0)
      rest-client (>= 1.6.7)
    crowdin-cli (0.3.3)
      crowdin-api (~> 0.2, >= 0.2.0)
      gli (~> 2.9)
      i18n (>= 0.6.9)
      rubyzip (~> 1.0)
    domain_name (0.5.20190701)
      unf (>= 0.0.5, < 1.0.0)
    ffi (1.9.3)
    gli (2.10.0)
    http-accept (1.7.0)
    http-cookie (1.0.3)
      domain_name (~> 0.5)
    i18n (0.6.9)
    json (1.8.1)
    listen (1.1.6)
      rb-fsevent (>= 0.9.3)
      rb-inotify (>= 0.9)
      rb-kqueue (>= 0.2)
    mime-types (3.3.1)
      mime-types-data (~> 3.2015)
    mime-types-data (3.2020.0512)
    multi_json (1.8.4)
    netrc (0.11.0)
    rb-fsevent (0.9.4)
    rb-inotify (0.9.3)
      ffi (>= 0.5.0)
    rb-kqueue (0.2.2)
      ffi (>= 0.5.0)
    rest-client (2.1.0)
      http-accept (>= 1.7.0, < 2.0)
      http-cookie (>= 1.0.2, < 2.0)
      mime-types (>= 1.16, < 4.0)
      netrc (~> 0.8)
    rubyzip (1.1.3)
    sass (3.3.0.rc.4)
    unf (0.1.4)
      unf_ext
    unf_ext (0.0.7.7)

PLATFORMS
  ruby

DEPENDENCIES
  compass (~> 1.0.0.alpha.18)
  crowdin-cli
