GEM
  remote: https://rubygems.org/
  specs:
    chunky_png (1.3.0)
    compass (1.0.0.alpha.18)
      chunky_png (~> 1.2)
      compass-core (~> 1.0.0.alpha.17)
      compass-import-once (~> 1.0.2)
      json
      listen (~> 1.1.0)
      sass (~> 3.3.0.rc.3)
    compass-core (1.0.0.alpha.17)
      multi_json (~> 1.0)
      sass (>= 3.3.rc.3)
    compass-import-once (1.0.2)
    crowdin-api (0.2.0)
      rest-client (>= 1.6.7)
    crowdin-cli (0.3.3)
      crowdin-api (~> 0.2, >= 0.2.0)
      gli (~> 2.9)
      i18n (>= 0.6.9)
      rubyzip (~> 1.0)
    ffi (1.9.3)
    gli (2.10.0)
    i18n (0.6.9)
    json (1.8.1)
    listen (1.1.6)
      rb-fsevent (>= 0.9.3)
      rb-inotify (>= 0.9)
      rb-kqueue (>= 0.2)
    mime-types (2.3)
    multi_json (1.8.4)
    rb-fsevent (0.9.4)
    rb-inotify (0.9.3)
      ffi (>= 0.5.0)
    rb-kqueue (0.2.2)
      ffi (>= 0.5.0)
    rest-client (1.6.7)
      mime-types (>= 1.16)
    rubyzip (1.3.0)
    sass (3.3.0.rc.4)

PLATFORMS
  ruby

DEPENDENCIES
  compass (~> 1.0.0.alpha.18)
  crowdin-cli
